PATH
  remote: .
  specs:
    gdb (0.3.0)
      memory_io (~> 0.1.1)
      pry (~> 0.11)

GEM
  remote: https://www.rubygems.org/
  specs:
    ast (2.4.0)
    coderay (1.1.2)
    dentaku (3.2.0)
    diff-lcs (1.3)
    docile (1.3.0)
    jaro_winkler (1.5.1)
    json (2.1.0)
    memory_io (0.1.1)
      dentaku (>= 2.0.11)
    method_source (0.9.0)
    parallel (1.12.1)
    parser (2.5.1.0)
      ast (~> 2.4.0)
    powerpack (0.1.2)
    pry (0.11.3)
      coderay (~> 1.1.0)
      method_source (~> 0.9.0)
    rainbow (3.0.0)
    rake (12.3.1)
    rspec (3.7.0)
      rspec-core (~> 3.7.0)
      rspec-expectations (~> 3.7.0)
      rspec-mocks (~> 3.7.0)
    rspec-core (3.7.1)
      rspec-support (~> 3.7.0)
    rspec-expectations (3.7.0)
      diff-lcs (>= 1.2.0, < 2.0)
      rspec-support (~> 3.7.0)
    rspec-mocks (3.7.0)
      diff-lcs (>= 1.2.0, < 2.0)
      rspec-support (~> 3.7.0)
    rspec-support (3.7.1)
    rubocop (0.57.2)
      jaro_winkler (~> 1.5.1)
      parallel (~> 1.10)
      parser (>= 2.5)
      powerpack (~> 0.1)
      rainbow (>= 2.2.2, < 4.0)
      ruby-progressbar (~> 1.7)
      unicode-display_width (~> 1.0, >= 1.0.1)
    ruby-progressbar (1.9.0)
    simplecov (0.16.1)
      docile (~> 1.1)
      json (>= 1.8, < 3)
      simplecov-html (~> 0.10.0)
    simplecov-html (0.10.2)
    unicode-display_width (1.4.0)
    yard (0.9.15)

PLATFORMS
  ruby

DEPENDENCIES
  gdb!
  rake (~> 12.3)
  rspec (~> 3.7)
  rubocop (~> 0.54)
  simplecov (~> 0.15)
  yard (~> 0.9)

BUNDLED WITH
   1.16.1
