PATH
  remote: .
  specs:
    gdb (1.0.0)
      memory_io (~> 0.1.1)
      pry (~> 0.11)

GEM
  remote: https://www.rubygems.org/
  specs:
    ast (2.4.0)
    coderay (1.1.2)
    dentaku (3.3.4)
    diff-lcs (1.3)
    docile (1.3.2)
    jaro_winkler (1.5.4)
    json (2.3.0)
    memory_io (0.1.1)
      dentaku (>= 2.0.11)
    method_source (0.9.2)
    parallel (1.19.1)
    parser (2.7.0.1)
      ast (~> 2.4.0)
    pry (0.12.2)
      coderay (~> 1.1.0)
      method_source (~> 0.9.0)
    rainbow (3.0.0)
    rake (13.0.1)
    rspec (3.9.0)
      rspec-core (~> 3.9.0)
      rspec-expectations (~> 3.9.0)
      rspec-mocks (~> 3.9.0)
    rspec-core (3.9.0)
      rspec-support (~> 3.9.0)
    rspec-expectations (3.9.0)
      diff-lcs (>= 1.2.0, < 2.0)
      rspec-support (~> 3.9.0)
    rspec-mocks (3.9.0)
      diff-lcs (>= 1.2.0, < 2.0)
      rspec-support (~> 3.9.0)
    rspec-support (3.9.0)
    rubocop (0.79.0)
      jaro_winkler (~> 1.5.1)
      parallel (~> 1.10)
      parser (>= 2.7.0.1)
      rainbow (>= 2.2.2, < 4.0)
      ruby-progressbar (~> 1.7)
      unicode-display_width (>= 1.4.0, < 1.7)
    ruby-progressbar (1.10.1)
    simplecov (0.17.1)
      docile (~> 1.1)
      json (>= 1.8, < 3)
      simplecov-html (~> 0.10.0)
    simplecov-html (0.10.2)
    tty-platform (0.2.1)
    unicode-display_width (1.6.0)
    yard (0.9.24)

PLATFORMS
  ruby

DEPENDENCIES
  gdb!
  rake (~> 13.0)
  rspec (~> 3.8)
  rubocop (~> 0.60)
  simplecov (~> 0.15)
  tty-platform (~> 0.1)
  yard (~> 0.9)

BUNDLED WITH
   2.1.2
